GEM
  remote: https://rubygems.org/
  specs:
    google-protobuf (3.24.3-aarch64-linux)
    google-protobuf (3.24.3-x86_64-darwin)
    googleapis-common-protos-types (1.8.0)
      google-protobuf (~> 3.18)
    grpc (1.58.0)
      google-protobuf (~> 3.23)
      googleapis-common-protos-types (~> 1.0)
    grpc (1.58.0-x86_64-darwin)
      google-protobuf (~> 3.23)
      googleapis-common-protos-types (~> 1.0)
    mysql2 (0.5.5)

PLATFORMS
  aarch64-linux
  x86_64-darwin-22

DEPENDENCIES
  grpc
  mysql2

BUNDLED WITH
   2.4.19
